GEM
  remote: https://rubygems.org/
  specs:
    logsformyfamily (0.3.0)
    nio4r (2.5.8)
    puma (5.6.4)
      nio4r (~> 2.0)
    rack (2.2.3.1)
    teakflake (0.1.2)
      logsformyfamily (~> 0.3.0)
      rack (~> 2.2, >= 2.2.3.1)
      zk (~> 1.10)
    zk (1.10.0)
      zookeeper (~> 1.5.0)
    zookeeper (1.5.1)

PLATFORMS
  ruby

DEPENDENCIES
  puma (~> 5.6, >= 5.6.4)
  teakflake (~> 0.1.2)

BUNDLED WITH
   2.1.4
